PATH
  remote: .
  specs:
    orm (0.1.0)
      sqlite3

GEM
  remote: https://rubygems.org/
  specs:
    minitest (5.11.3)
    rake (13.0.1)
    sqlite3 (1.4.1)

PLATFORMS
  ruby

DEPENDENCIES
  bundler (~> 2.0)
  minitest
  orm!
  rake (~> 13.0)
  sqlite3 (~> 1.4, >= 1.4.1)

BUNDLED WITH
   2.0.1
