PATH
  remote: .
  specs:
    orm (0.1.0)

GEM
  remote: https://rubygems.org/
  specs:
    rake (10.5.0)
    sqlite3 (1.4.1)

PLATFORMS
  ruby

DEPENDENCIES
  bundler (~> 2.0)
  orm!
  rake (~> 10.0)
  sqlite3 (~> 1.4, >= 1.4.1)

BUNDLED WITH
   2.0.1
